GEM
  remote: https://rubygems.org/
  specs:
    biblesearch-api (1.2.0)
      hashie (>= 3.3.1, < 3.4.0)
      httparty
      oj
    byebug (9.0.6)
    dotenv (2.2.0)
    hashie (3.3.2)
    httparty (0.14.0)
      multi_xml (>= 0.5.2)
    multi_xml (0.6.0)
    oj (2.18.5)

PLATFORMS
  ruby

DEPENDENCIES
  biblesearch-api
  byebug
  dotenv

BUNDLED WITH
   1.13.7
