GEM
  remote: https://rubygems.org/
  specs:
    bible_gateway (0.0.10)
      nokogiri
      typhoeus
    byebug (9.0.6)
    ethon (0.10.1)
      ffi (>= 1.3.0)
    ffi (1.9.17)
    mini_portile2 (2.1.0)
    nokogiri (1.7.0.1)
      mini_portile2 (~> 2.1.0)
    typhoeus (1.1.2)
      ethon (>= 0.9.0)

PLATFORMS
  ruby

DEPENDENCIES
  bible_gateway
  byebug

BUNDLED WITH
   1.13.7
